GEM
  remote: http://rubygems.org/
  specs:
    extensions (0.6.0)
    filewatcher (0.1.2)
      trollop (>= 1.16.2)
    haml (3.0.25)
    trollop (1.16.2)

PLATFORMS
  ruby

DEPENDENCIES
  extensions
  filewatcher
  haml
