GEM
  remote: http://rubygems.org/
  specs:
    compass (0.10.6)
      haml (>= 3.0.4)
    compass-susy-plugin (0.8.1)
      compass (>= 0.10.0)
    extensions (0.6.0)
    filewatcher (0.1.2)
      trollop (>= 1.16.2)
    haml (5.0.0)
      temple (>= 0.8.0)
      tilt
    temple (0.8.2)
    tilt (1.3)
    trollop (1.16.2)

PLATFORMS
  ruby

DEPENDENCIES
  compass
  compass-susy-plugin
  extensions
  filewatcher
  haml
  tilt
